GEM
  remote: https://rubygems.org/
  specs:
    algorithmia (0.2.0)
      httparty (~> 0.13.1)
      json (~> 1.8)
      rake (~> 10.4)
    coderay (1.1.0)
    dotenv (2.0.2)
    httparty (0.13.7)
      json (~> 1.8)
      multi_xml (>= 0.5.2)
    i18n (0.7.0)
    json (1.8.1)
    method_source (0.8.2)
    multi_xml (0.5.5)
    pry (0.10.3)
      coderay (~> 1.1.0)
      method_source (~> 0.8.1)
      slop (~> 3.4)
    rake (10.4.2)
    slop (3.6.0)
    weighted_randomizer (0.1.2)

PLATFORMS
  ruby

DEPENDENCIES
  algorithmia
  dotenv
  httparty
  i18n
  pry
  weighted_randomizer

BUNDLED WITH
   1.11.2
